GEM
  remote: http://rubygems.org/
  specs:
    bbrowning-ponder (0.0.2.1)
      eventmachine (>= 0.12.10)
    blankslate (2.1.2.4)
    bouncy-castle-java (1.5.0146.1)
    eventmachine (0.12.10-java)
    haml (3.1.3)
    jruby-openssl (0.7.4)
      bouncy-castle-java
    json (1.6.0)
    rack (1.3.2)
    rack-accept (0.4.4)
      rack (>= 0.4)
    sinatra (1.2.6)
      rack (~> 1.1)
      tilt (>= 1.2.2, < 2.0)
    tilt (1.3.3)
    torquebox (2.x.incremental.392)
      torquebox-configure (= 2.x.incremental.392)
      torquebox-core (= 2.x.incremental.392)
      torquebox-infinispan (= 2.x.incremental.392)
      torquebox-messaging (= 2.x.incremental.392)
      torquebox-naming (= 2.x.incremental.392)
      torquebox-rake-support (= 2.x.incremental.392)
      torquebox-security (= 2.x.incremental.392)
      torquebox-stomp (= 2.x.incremental.392)
      torquebox-vfs (= 2.x.incremental.392)
      torquebox-web (= 2.x.incremental.392)
    torquebox-configure (2.x.incremental.392-java)
      blankslate (= 2.1.2.4)
    torquebox-core (2.x.incremental.392-java)
    torquebox-infinispan (2.x.incremental.392-java)
      torquebox-core (= 2.x.incremental.392)
    torquebox-messaging (2.x.incremental.392-java)
      torquebox-core (= 2.x.incremental.392)
    torquebox-naming (2.x.incremental.392-java)
    torquebox-rake-support (2.x.incremental.392)
    torquebox-security (2.x.incremental.392-java)
      torquebox-core (= 2.x.incremental.392)
    torquebox-stomp (2.x.incremental.392)
      torquebox-core (= 2.x.incremental.392)
      torquebox-messaging (= 2.x.incremental.392)
    torquebox-vfs (2.x.incremental.392-java)
    torquebox-web (2.x.incremental.392-java)

PLATFORMS
  java

DEPENDENCIES
  bbrowning-ponder
  haml
  jruby-openssl
  json
  rack-accept
  sinatra
  torquebox (~> 2.x.incremental.000)
